PATH
  remote: .
  specs:
    EMR Client (1.0)
      aws-sdk
      rake
      uuidtools

GEM
  remote: http://rubygems.org/
  specs:
    aws-sdk (1.11.3)
      json (~> 1.4)
      nokogiri (< 1.6.0)
      uuidtools (~> 2.1)
    json (1.8.0)
    nokogiri (1.5.10)
    rake (10.0.4)
    uuidtools (2.1.4)

PLATFORMS
  ruby

DEPENDENCIES
  EMR Client!
